GEM
  remote: https://rubygems.org/
  specs:
    google-protobuf (3.22.2-x86_64-darwin)

PLATFORMS
  x86_64-darwin-18

DEPENDENCIES
  google-protobuf

BUNDLED WITH
   2.2.3
